PATH
  remote: .
  specs:
    NOauth (0.0.1)

GEM
  remote: https://rubygems.org/
  specs:
    coderay (1.1.0)
    curb (0.8.8)
    em-proxy (0.1.8)
      eventmachine
    eventmachine (1.0.7)
    method_source (0.8.2)
    pry (0.10.1)
      coderay (~> 1.1.0)
      method_source (~> 0.8.1)
      slop (~> 3.4)
    rake (10.4.2)
    slop (3.6.0)

PLATFORMS
  ruby

DEPENDENCIES
  NOauth!
  bundler
  curb
  em-proxy
  pry
  rake
